PATH
  remote: .
  specs:
    swf_ruby (0.0.1)
      bundler (>= 1.0.0.rc.5)
      rmagick (>= 2.13.0)

GEM
  remote: http://rubygems.org/
  specs:
    rmagick (2.13.1)

PLATFORMS
  ruby

DEPENDENCIES
  bundler (>= 1.0.0.rc.5)
  rmagick (>= 2.13.0)
  swf_ruby!
